GEM
  remote: http://rubygems.org/
  specs:
    puma (2.15.3)
    rack (1.6.4)
    rack-protection (1.5.3)
      rack
    shotgun (0.9.1)
      rack (>= 1.0)
    sinatra (1.4.7)
      rack (~> 1.5)
      rack-protection (~> 1.4)
      tilt (>= 1.3, < 3)
    tilt (2.0.2)

PLATFORMS
  ruby

DEPENDENCIES
  puma
  shotgun
  sinatra

RUBY VERSION
   ruby 2.4.1p111

BUNDLED WITH
   1.14.6
